PATH
  remote: pdf-reader
  specs:
    pdf-reader (1.3.0)
      Ascii85 (~> 1.0.0)
      afm (~> 0.2.0)
      hashery (~> 2.0)
      ruby-rc4
      ttfunk

GEM
  remote: http://rubygems.org/
  specs:
    Ascii85 (1.0.2)
    activesupport (3.2.11)
      i18n (~> 0.6)
      multi_json (~> 1.0)
    addressable (2.2.8)
    afm (0.2.0)
    awesome_print (1.1.0)
    chronic_duration (0.9.6)
      numerizer (~> 0.1.1)
    coderay (1.0.8)
    data_objects (0.10.11)
      addressable (~> 2.1)
    dm-aggregates (1.2.0)
      dm-core (~> 1.2.0)
    dm-core (1.2.0)
      addressable (~> 2.2.6)
    dm-do-adapter (1.2.0)
      data_objects (~> 0.10.6)
      dm-core (~> 1.2.0)
    dm-migrations (1.2.0)
      dm-core (~> 1.2.0)
    dm-sqlite-adapter (1.2.0)
      dm-do-adapter (~> 1.2.0)
      do_sqlite3 (~> 0.10.6)
    do_sqlite3 (0.10.11)
      data_objects (= 0.10.11)
    hashery (2.1.0)
    i18n (0.6.1)
    method_source (0.8.1)
    multi_json (1.5.0)
    numerizer (0.1.1)
    pry (0.9.10)
      coderay (~> 1.0.5)
      method_source (~> 0.8)
      slop (~> 3.3.1)
    ruby-rc4 (0.1.5)
    slop (3.3.3)
    ttfunk (1.0.3)

PLATFORMS
  ruby

DEPENDENCIES
  activesupport
  awesome_print
  chronic_duration
  dm-aggregates
  dm-core
  dm-migrations
  dm-sqlite-adapter
  i18n
  pdf-reader!
  pry
